PATH
  remote: ./economatic
  specs:
    economatic (0.1.0)
      activerecord
      coveralls
      cucumber
      database_cleaner
      money
      playhouse
      rake
      rspec
      seed-fu
      sqlite3
      timecop

PATH
  remote: ./economatic_console
  specs:
    economatic-console (0.1.0)
      economatic
      playhouse-console

PATH
  remote: ./economatic_sinatra
  specs:
    economatic-sinatra (0.1.0)
      capybara
      cucumber
      rspec
      sinatra
      thin

PATH
  remote: ./playhouse
  specs:
    playhouse (0.1.0)
      activesupport
      coveralls
      rake
      rspec

PATH
  remote: ./playhouse_console
  specs:
    playhouse-console (0.1.0)
      playhouse
      thor

GEM
  remote: http://rubygems.org/
  specs:
    activemodel (3.2.11)
      activesupport (= 3.2.11)
      builder (~> 3.0.0)
    activerecord (3.2.11)
      activemodel (= 3.2.11)
      activesupport (= 3.2.11)
      arel (~> 3.0.2)
      tzinfo (~> 0.3.29)
    activesupport (3.2.11)
      i18n (~> 0.6)
      multi_json (~> 1.0)
    arel (3.0.2)
    builder (3.0.4)
    capybara (2.1.0)
      mime-types (>= 1.16)
      nokogiri (>= 1.3.3)
      rack (>= 1.0.0)
      rack-test (>= 0.5.4)
      xpath (~> 2.0)
    colorize (0.5.8)
    coveralls (0.6.3)
      colorize
      multi_json (~> 1.3)
      rest-client
      simplecov (>= 0.7)
      thor
    cucumber (1.2.1)
      builder (>= 2.1.2)
      diff-lcs (>= 1.1.3)
      gherkin (~> 2.11.0)
      json (>= 1.4.6)
    daemons (1.1.9)
    database_cleaner (1.0.1)
    diff-lcs (1.1.3)
    eventmachine (1.0.3)
    gherkin (2.11.5)
      json (>= 1.4.6)
    i18n (0.6.4)
    json (1.7.7)
    mime-types (1.21)
    money (5.1.1)
      i18n (~> 0.6.0)
    multi_json (1.7.2)
    nokogiri (1.5.9)
    rack (1.5.2)
    rack-protection (1.5.0)
      rack
    rack-test (0.6.2)
      rack (>= 1.0)
    rake (10.0.4)
    rest-client (1.6.7)
      mime-types (>= 1.16)
    rspec (2.11.0)
      rspec-core (~> 2.11.0)
      rspec-expectations (~> 2.11.0)
      rspec-mocks (~> 2.11.0)
    rspec-core (2.11.1)
    rspec-expectations (2.11.3)
      diff-lcs (~> 1.1.3)
    rspec-mocks (2.11.3)
    seed-fu (2.2.0)
      activerecord (~> 3.1)
      activesupport (~> 3.1)
    simplecov (0.7.1)
      multi_json (~> 1.0)
      simplecov-html (~> 0.7.1)
    simplecov-html (0.7.1)
    sinatra (1.4.2)
      rack (~> 1.5, >= 1.5.2)
      rack-protection (~> 1.4)
      tilt (~> 1.3, >= 1.3.4)
    sqlite3 (1.3.7)
    thin (1.5.1)
      daemons (>= 1.0.9)
      eventmachine (>= 0.12.6)
      rack (>= 1.0.0)
    thor (0.18.0)
    tilt (1.4.0)
    timecop (0.6.1)
    tzinfo (0.3.37)
    xpath (2.0.0)
      nokogiri (~> 1.3)

PLATFORMS
  ruby

DEPENDENCIES
  economatic!
  economatic-console!
  economatic-sinatra!
  playhouse!
  playhouse-console!
  rake
