PATH
  remote: ./economatic_console
  specs:
    economatic-console (0.1.0)
      commander (~> 4.1.3)

PATH
  remote: ./economatic_core
  specs:
    economatic-core (0.1.0)
      activerecord
      coveralls
      cucumber
      database_cleaner
      money
      playhouse
      rake
      rspec
      sqlite3
      timecop

PATH
  remote: ./playhouse
  specs:
    playhouse (0.1.0)
      coveralls
      rake
      rspec

GEM
  remote: http://rubygems.org/
  specs:
    activemodel (3.2.11)
      activesupport (= 3.2.11)
      builder (~> 3.0.0)
    activerecord (3.2.11)
      activemodel (= 3.2.11)
      activesupport (= 3.2.11)
      arel (~> 3.0.2)
      tzinfo (~> 0.3.29)
    activesupport (3.2.11)
      i18n (~> 0.6)
      multi_json (~> 1.0)
    arel (3.0.2)
    builder (3.0.4)
    colorize (0.5.8)
    commander (4.1.3)
      highline (~> 1.6.11)
    coveralls (0.6.3)
      colorize
      multi_json (~> 1.3)
      rest-client
      simplecov (>= 0.7)
      thor
    cucumber (1.2.1)
      builder (>= 2.1.2)
      diff-lcs (>= 1.1.3)
      gherkin (~> 2.11.0)
      json (>= 1.4.6)
    database_cleaner (0.9.1)
    diff-lcs (1.1.3)
    gherkin (2.11.5)
      json (>= 1.4.6)
    highline (1.6.18)
    i18n (0.6.4)
    json (1.7.7)
    mime-types (1.21)
    money (5.1.1)
      i18n (~> 0.6.0)
    multi_json (1.7.2)
    rake (10.0.4)
    rest-client (1.6.7)
      mime-types (>= 1.16)
    rspec (2.11.0)
      rspec-core (~> 2.11.0)
      rspec-expectations (~> 2.11.0)
      rspec-mocks (~> 2.11.0)
    rspec-core (2.11.1)
    rspec-expectations (2.11.3)
      diff-lcs (~> 1.1.3)
    rspec-mocks (2.11.3)
    simplecov (0.7.1)
      multi_json (~> 1.0)
      simplecov-html (~> 0.7.1)
    simplecov-html (0.7.1)
    sqlite3 (1.3.6)
    thor (0.18.0)
    timecop (0.3.5)
    tzinfo (0.3.35)

PLATFORMS
  ruby

DEPENDENCIES
  economatic-console!
  economatic-core!
  playhouse!
  rake
