GEM
  remote: http://rubygems.rc/
  specs:

PLATFORMS
  ruby

DEPENDENCIES
