GEM
  remote: http://rubygems.rc/
  specs:
    activemodel (3.2.11)
      activesupport (= 3.2.11)
      builder (~> 3.0.0)
    activerecord (3.2.11)
      activemodel (= 3.2.11)
      activesupport (= 3.2.11)
      arel (~> 3.0.2)
      tzinfo (~> 0.3.29)
    activesupport (3.2.11)
      i18n (~> 0.6)
      multi_json (~> 1.0)
    arel (3.0.2)
    builder (3.0.4)
    cucumber (1.2.1)
      builder (>= 2.1.2)
      diff-lcs (>= 1.1.3)
      gherkin (~> 2.11.0)
      json (>= 1.4.6)
    database_cleaner (0.9.1)
    diff-lcs (1.1.3)
    gherkin (2.11.5)
      json (>= 1.4.6)
    i18n (0.6.4)
    json (1.7.7)
    multi_json (1.6.1)
    rake (10.0.3)
    rspec (2.11.0)
      rspec-core (~> 2.11.0)
      rspec-expectations (~> 2.11.0)
      rspec-mocks (~> 2.11.0)
    rspec-core (2.11.1)
    rspec-expectations (2.11.3)
      diff-lcs (~> 1.1.3)
    rspec-mocks (2.11.3)
    sqlite3 (1.3.6)
    timecop (0.3.5)
    tzinfo (0.3.35)

PLATFORMS
  ruby

DEPENDENCIES
  activerecord
  cucumber
  database_cleaner
  rake
  rspec
  sqlite3
  timecop
