GIT
  remote: git://github.com/enspiral/playhouse-console.git
  revision: 6a3c8c39626ec0e389ec944da4397f8c79323629
  specs:
    playhouse-console (0.1.0)
      coveralls
      playhouse
      rspec
      thor

GIT
  remote: git://github.com/enspiral/playhouse-sinatra.git
  revision: 29c58d0ff51e4ae04e900c75b6f352f728494217
  specs:
    playhouse-sinatra (0.1.0)
      playhouse
      sinatra
      thin

GIT
  remote: git://github.com/enspiral/playhouse.git
  revision: b4f44873ce4b6f2451c715cfd63f1bd1587353e6
  specs:
    playhouse (0.1.0)
      activerecord
      activesupport
      rake

PATH
  remote: ./economatic
  specs:
    economatic (0.1.0)
      activerecord
      coveralls
      cucumber
      database_cleaner
      money
      playhouse
      rake
      rspec
      seed-fu
      sqlite3
      timecop

PATH
  remote: ./economatic_console
  specs:
    economatic-console (0.1.0)
      economatic
      playhouse-console

PATH
  remote: ./economatic_sinatra
  specs:
    economatic-sinatra (0.1.0)
      economatic
      playhouse-sinatra

GEM
  remote: http://rubygems.org/
  specs:
    activemodel (3.2.16)
      activesupport (= 3.2.16)
      builder (~> 3.0.0)
    activerecord (3.2.16)
      activemodel (= 3.2.16)
      activesupport (= 3.2.16)
      arel (~> 3.0.2)
      tzinfo (~> 0.3.29)
    activesupport (3.2.16)
      i18n (~> 0.6, >= 0.6.4)
      multi_json (~> 1.0)
    arel (3.0.3)
    builder (3.0.4)
    capybara (2.1.0)
      mime-types (>= 1.16)
      nokogiri (>= 1.3.3)
      rack (>= 1.0.0)
      rack-test (>= 0.5.4)
      xpath (~> 2.0)
    coveralls (0.7.0)
      multi_json (~> 1.3)
      rest-client
      simplecov (>= 0.7)
      term-ansicolor
      thor
    cucumber (1.2.1)
      builder (>= 2.1.2)
      diff-lcs (>= 1.1.3)
      gherkin (~> 2.11.0)
      json (>= 1.4.6)
    daemons (1.1.9)
    database_cleaner (1.0.1)
    diff-lcs (1.2.5)
    docile (1.1.1)
    eventmachine (1.0.3)
    gherkin (2.11.5)
      json (>= 1.4.6)
    i18n (0.6.9)
    json (1.7.7)
    mime-types (2.0)
    mini_portile (0.5.1)
    money (5.1.1)
      i18n (~> 0.6.0)
    multi_json (1.8.2)
    nokogiri (1.6.0)
      mini_portile (~> 0.5.0)
    rack (1.5.2)
    rack-protection (1.5.1)
      rack
    rack-test (0.6.2)
      rack (>= 1.0)
    rake (10.1.0)
    rest-client (1.6.7)
      mime-types (>= 1.16)
    rspec (2.14.1)
      rspec-core (~> 2.14.0)
      rspec-expectations (~> 2.14.0)
      rspec-mocks (~> 2.14.0)
    rspec-core (2.14.7)
    rspec-expectations (2.14.4)
      diff-lcs (>= 1.1.3, < 2.0)
    rspec-mocks (2.14.4)
    seed-fu (2.2.0)
      activerecord (~> 3.1)
      activesupport (~> 3.1)
    simplecov (0.8.2)
      docile (~> 1.1.0)
      multi_json
      simplecov-html (~> 0.8.0)
    simplecov-html (0.8.0)
    sinatra (1.4.4)
      rack (~> 1.4)
      rack-protection (~> 1.4)
      tilt (~> 1.3, >= 1.3.4)
    sqlite3 (1.3.7)
    term-ansicolor (1.2.2)
      tins (~> 0.8)
    thin (1.6.1)
      daemons (>= 1.0.9)
      eventmachine (>= 1.0.0)
      rack (>= 1.0.0)
    thor (0.18.1)
    tilt (1.4.1)
    timecop (0.6.1)
    tins (0.13.1)
    tzinfo (0.3.38)
    xpath (2.0.0)
      nokogiri (~> 1.3)

PLATFORMS
  ruby

DEPENDENCIES
  capybara
  cucumber
  economatic!
  economatic-console!
  economatic-sinatra!
  playhouse!
  playhouse-console!
  playhouse-sinatra!
  rake
  sqlite3
