PATH
  remote: .
  specs:
    economatic-console (0.1.0)
      commander (~> 4.1.3)

GEM
  remote: http://rubygems.org/
  specs:
    commander (4.1.3)
      highline (~> 1.6.11)
    highline (1.6.18)
    rake (10.0.4)

PLATFORMS
  ruby

DEPENDENCIES
  economatic-console!
  rake
